GEM
  remote: http://rubygems.org/
  specs:
    mime-types (1.23)
    rake (10.0.4)
    rest-client (1.6.7)
      mime-types (>= 1.16)

PLATFORMS
  ruby

DEPENDENCIES
  rake
  rest-client
